GEM
  remote: https://rubygems.org/
  specs:
    colorize (0.6.0)

PLATFORMS
  ruby

DEPENDENCIES
  colorize
